PATH
  remote: .
  specs:
    moocow (1.1.0)
      gli (>= 0.1.5)
      httparty (>= 0.3.1)

GEM
  remote: https://rubygems.org/
  specs:
    gli (2.12.2)
    httparty (0.13.3)
      json (~> 1.8)
      multi_xml (>= 0.5.2)
    json (1.8.1)
    multi_xml (0.5.5)

PLATFORMS
  ruby

DEPENDENCIES
  moocow!
